GEM
  remote: https://rubygems.org/
  specs:
    actioncable (6.0.4)
      actionpack (= 6.0.4)
      nio4r (~> 2.0)
      websocket-driver (>= 0.6.1)
    actionmailbox (6.0.4)
      actionpack (= 6.0.4)
      activejob (= 6.0.4)
      activerecord (= 6.0.4)
      activestorage (= 6.0.4)
      activesupport (= 6.0.4)
      mail (>= 2.7.1)
    actionmailer (6.0.4)
      actionpack (= 6.0.4)
      actionview (= 6.0.4)
      activejob (= 6.0.4)
      mail (~> 2.5, >= 2.5.4)
      rails-dom-testing (~> 2.0)
    actionpack (6.0.4)
      actionview (= 6.0.4)
      activesupport (= 6.0.4)
      rack (~> 2.0, >= 2.0.8)
      rack-test (>= 0.6.3)
      rails-dom-testing (~> 2.0)
      rails-html-sanitizer (~> 1.0, >= 1.2.0)
    actiontext (6.0.4)
      actionpack (= 6.0.4)
      activerecord (= 6.0.4)
      activestorage (= 6.0.4)
      activesupport (= 6.0.4)
      nokogiri (>= 1.8.5)
    actionview (6.0.4)
      activesupport (= 6.0.4)
      builder (~> 3.1)
      erubi (~> 1.4)
      rails-dom-testing (~> 2.0)
      rails-html-sanitizer (~> 1.1, >= 1.2.0)
    activejob (6.0.4)
      activesupport (= 6.0.4)
      globalid (>= 0.3.6)
    activemodel (6.0.4)
      activesupport (= 6.0.4)
    activerecord (6.0.4)
      activemodel (= 6.0.4)
      activesupport (= 6.0.4)
    activestorage (6.0.4)
      actionpack (= 6.0.4)
      activejob (= 6.0.4)
      activerecord (= 6.0.4)
      marcel (~> 1.0.0)
    activesupport (6.0.4)
      concurrent-ruby (~> 1.0, >= 1.0.2)
      i18n (>= 0.7, < 2)
      minitest (~> 5.1)
      tzinfo (~> 1.1)
      zeitwerk (~> 2.2, >= 2.2.2)
    addressable (2.8.0)
      public_suffix (>= 2.0.2, < 5.0)
    airbrussh (1.4.0)
      sshkit (>= 1.6.1, != 1.7.0)
    ast (2.4.2)
    bcrypt (3.1.16)
    bindex (0.8.1)
    binding_of_caller (1.0.0)
      debug_inspector (>= 0.0.1)
    bootsnap (1.7.5)
      msgpack (~> 1.0)
    buftok (0.2.0)
    builder (3.2.4)
    byebug (11.1.3)
    capistrano (3.16.0)
      airbrussh (>= 1.0.0)
      i18n
      rake (>= 10.0.0)
      sshkit (>= 1.9.0)
    capistrano-bundler (2.0.1)
      capistrano (~> 3.1)
    capistrano-rails (1.6.1)
      capistrano (~> 3.1)
      capistrano-bundler (>= 1.1, < 3)
    capybara (3.35.3)
      addressable
      mini_mime (>= 0.1.3)
      nokogiri (~> 1.8)
      rack (>= 1.6.0)
      rack-test (>= 0.6.3)
      regexp_parser (>= 1.5, < 3.0)
      xpath (~> 3.2)
    capybara-screenshot (1.0.25)
      capybara (>= 1.0, < 4)
      launchy
    childprocess (3.0.0)
    coderay (1.1.3)
    concurrent-ruby (1.1.9)
    crack (0.4.5)
      rexml
    crass (1.0.6)
    cucumber (5.3.0)
      builder (~> 3.2, >= 3.2.4)
      cucumber-core (~> 8.0, >= 8.0.1)
      cucumber-create-meta (~> 2.0, >= 2.0.2)
      cucumber-cucumber-expressions (~> 10.3, >= 10.3.0)
      cucumber-gherkin (~> 15.0, >= 15.0.2)
      cucumber-html-formatter (~> 9.0, >= 9.0.0)
      cucumber-messages (~> 13.1, >= 13.1.0)
      cucumber-wire (~> 4.0, >= 4.0.1)
      diff-lcs (~> 1.4, >= 1.4.4)
      multi_test (~> 0.1, >= 0.1.2)
      sys-uname (~> 1.2, >= 1.2.1)
    cucumber-core (8.0.1)
      cucumber-gherkin (~> 15.0, >= 15.0.2)
      cucumber-messages (~> 13.0, >= 13.0.1)
      cucumber-tag-expressions (~> 2.0, >= 2.0.4)
    cucumber-create-meta (2.0.4)
      cucumber-messages (~> 13.1, >= 13.1.0)
      sys-uname (~> 1.2, >= 1.2.1)
    cucumber-cucumber-expressions (10.3.0)
    cucumber-gherkin (15.0.2)
      cucumber-messages (~> 13.0, >= 13.0.1)
    cucumber-html-formatter (9.0.0)
      cucumber-messages (~> 13.0, >= 13.0.1)
    cucumber-messages (13.2.1)
      protobuf-cucumber (~> 3.10, >= 3.10.8)
    cucumber-rails (2.3.0)
      capybara (>= 2.18, < 4)
      cucumber (>= 3.0.2, < 6)
      mime-types (~> 3.2)
      nokogiri (~> 1.8)
      railties (>= 5.0, < 7)
    cucumber-tag-expressions (2.0.4)
    cucumber-wire (4.0.1)
      cucumber-core (~> 8.0, >= 8.0.1)
      cucumber-cucumber-expressions (~> 10.3, >= 10.3.0)
      cucumber-messages (~> 13.0, >= 13.0.1)
    database_cleaner (2.0.1)
      database_cleaner-active_record (~> 2.0.0)
    database_cleaner-active_record (2.0.1)
      activerecord (>= 5.a)
      database_cleaner-core (~> 2.0.0)
    database_cleaner-core (2.0.1)
    debug_inspector (1.1.0)
    devise (4.8.0)
      bcrypt (~> 3.0)
      orm_adapter (~> 0.1)
      railties (>= 4.1.0)
      responders
      warden (~> 1.2.3)
    diff-lcs (1.4.4)
    domain_name (0.5.20190701)
      unf (>= 0.0.5, < 1.0.0)
    equalizer (0.0.11)
    erubi (1.10.0)
    factory_bot (6.2.0)
      activesupport (>= 5.0.0)
    factory_bot_rails (6.2.0)
      factory_bot (~> 6.2.0)
      railties (>= 5.0.0)
    ffi (1.15.3)
    ffi-compiler (1.0.1)
      ffi (>= 1.0.0)
      rake
    foreman (0.87.2)
    globalid (0.4.2)
      activesupport (>= 4.2.0)
    hashdiff (1.0.1)
    http (4.4.1)
      addressable (~> 2.3)
      http-cookie (~> 1.0)
      http-form_data (~> 2.2)
      http-parser (~> 1.2.0)
    http-cookie (1.0.4)
      domain_name (~> 0.5)
    http-form_data (2.3.0)
    http-parser (1.2.3)
      ffi-compiler (>= 1.0, < 2.0)
    http_parser.rb (0.6.0)
    i18n (1.8.10)
      concurrent-ruby (~> 1.0)
    interception (0.5)
    jbuilder (2.11.2)
      activesupport (>= 5.0.0)
    launchy (2.5.0)
      addressable (~> 2.7)
    listen (3.5.1)
      rb-fsevent (~> 0.10, >= 0.10.3)
      rb-inotify (~> 0.9, >= 0.9.10)
    loofah (2.10.0)
      crass (~> 1.0.2)
      nokogiri (>= 1.5.9)
    mail (2.7.1)
      mini_mime (>= 0.1.1)
    marcel (1.0.1)
    memoizable (0.4.2)
      thread_safe (~> 0.3, >= 0.3.1)
    method_source (1.0.0)
    middleware (0.1.0)
    mime-types (3.3.1)
      mime-types-data (~> 3.2015)
    mime-types-data (3.2021.0704)
    mimemagic (0.3.10)
      nokogiri (~> 1)
      rake
    mini_mime (1.1.0)
    mini_portile2 (2.5.3)
    minitest (5.14.4)
    minitest-bisect (1.5.1)
      minitest-server (~> 1.0)
      path_expander (~> 1.1)
    minitest-rails (6.0.1)
      minitest (~> 5.10)
      railties (~> 6.0.0)
    minitest-server (1.0.6)
      minitest (~> 5.0)
    minitest-sprint (1.2.1)
      path_expander (~> 1.1)
    mocha (1.13.0)
    msgpack (1.4.2)
    multi_test (0.1.2)
    multipart-post (2.1.1)
    naught (1.1.0)
    net-scp (3.0.0)
      net-ssh (>= 2.6.5, < 7.0.0)
    net-ssh (6.1.0)
    nio4r (2.5.7)
    nokogiri (1.11.7)
      mini_portile2 (~> 2.5.0)
      racc (~> 1.4)
    orm_adapter (0.5.0)
    parallel (1.20.1)
    parser (3.0.2.0)
      ast (~> 2.4.1)
    path_expander (1.1.0)
    protobuf-cucumber (3.10.8)
      activesupport (>= 3.2)
      middleware
      thor
      thread_safe
    pry (0.13.1)
      coderay (~> 1.1)
      method_source (~> 1.0)
    pry-byebug (3.9.0)
      byebug (~> 11.0)
      pry (~> 0.13.0)
    pry-rails (0.3.9)
      pry (>= 0.10.4)
    pry-rescue (1.5.2)
      interception (>= 0.5)
      pry (>= 0.12.0)
    pry-stack_explorer (0.6.1)
      binding_of_caller (~> 1.0)
      pry (~> 0.13)
    public_suffix (4.0.6)
    puma (4.3.8)
      nio4r (~> 2.0)
    racc (1.5.2)
    rack (2.2.3)
    rack-proxy (0.7.0)
      rack
    rack-test (1.1.0)
      rack (>= 1.0, < 3)
    rails (6.0.4)
      actioncable (= 6.0.4)
      actionmailbox (= 6.0.4)
      actionmailer (= 6.0.4)
      actionpack (= 6.0.4)
      actiontext (= 6.0.4)
      actionview (= 6.0.4)
      activejob (= 6.0.4)
      activemodel (= 6.0.4)
      activerecord (= 6.0.4)
      activestorage (= 6.0.4)
      activesupport (= 6.0.4)
      bundler (>= 1.3.0)
      railties (= 6.0.4)
      sprockets-rails (>= 2.0.0)
    rails-dom-testing (2.0.3)
      activesupport (>= 4.2.0)
      nokogiri (>= 1.6)
    rails-html-sanitizer (1.3.0)
      loofah (~> 2.3)
    railties (6.0.4)
      actionpack (= 6.0.4)
      activesupport (= 6.0.4)
      method_source
      rake (>= 0.8.7)
      thor (>= 0.20.3, < 2.0)
    rainbow (3.0.0)
    rake (13.0.6)
    rb-fsevent (0.11.0)
    rb-inotify (0.10.1)
      ffi (~> 1.0)
    regexp_parser (2.1.1)
    responders (3.0.1)
      actionpack (>= 5.0)
      railties (>= 5.0)
    rexml (3.2.5)
    rspec-core (3.10.1)
      rspec-support (~> 3.10.0)
    rspec-expectations (3.10.1)
      diff-lcs (>= 1.2.0, < 2.0)
      rspec-support (~> 3.10.0)
    rspec-mocks (3.10.2)
      diff-lcs (>= 1.2.0, < 2.0)
      rspec-support (~> 3.10.0)
    rspec-rails (5.0.1)
      actionpack (>= 5.2)
      activesupport (>= 5.2)
      railties (>= 5.2)
      rspec-core (~> 3.10)
      rspec-expectations (~> 3.10)
      rspec-mocks (~> 3.10)
      rspec-support (~> 3.10)
    rspec-support (3.10.2)
    rubocop (1.18.3)
      parallel (~> 1.10)
      parser (>= 3.0.0.0)
      rainbow (>= 2.2.2, < 4.0)
      regexp_parser (>= 1.8, < 3.0)
      rexml
      rubocop-ast (>= 1.7.0, < 2.0)
      ruby-progressbar (~> 1.7)
      unicode-display_width (>= 1.4.0, < 3.0)
    rubocop-ast (1.8.0)
      parser (>= 3.0.1.1)
    ruby-progressbar (1.11.0)
    rubyzip (2.3.2)
    sass-rails (6.0.0)
      sassc-rails (~> 2.1, >= 2.1.1)
    sassc (2.4.0)
      ffi (~> 1.9)
    sassc-rails (2.1.2)
      railties (>= 4.0.0)
      sassc (>= 2.0)
      sprockets (> 3.0)
      sprockets-rails
      tilt
    selenium-webdriver (3.142.7)
      childprocess (>= 0.5, < 4.0)
      rubyzip (>= 1.2.2)
    simple_oauth (0.3.1)
    spring (2.1.1)
    spring-commands-rspec (1.0.4)
      spring (>= 0.9.1)
    spring-watcher-listen (2.0.1)
      listen (>= 2.7, < 4.0)
      spring (>= 1.2, < 3.0)
    sprockets (4.0.2)
      concurrent-ruby (~> 1.0)
      rack (> 1, < 3)
    sprockets-rails (3.2.2)
      actionpack (>= 4.0)
      activesupport (>= 4.0)
      sprockets (>= 3.0.0)
    sqlite3 (1.4.2)
    sshkit (1.21.2)
      net-scp (>= 1.1.2)
      net-ssh (>= 2.8.0)
    sys-uname (1.2.2)
      ffi (~> 1.1)
    thor (1.1.0)
    thread_safe (0.3.6)
    tilt (2.0.10)
    turbolinks (5.2.1)
      turbolinks-source (~> 5.2)
    turbolinks-source (5.2.0)
    twitter (7.0.0)
      addressable (~> 2.3)
      buftok (~> 0.2.0)
      equalizer (~> 0.0.11)
      http (~> 4.0)
      http-form_data (~> 2.0)
      http_parser.rb (~> 0.6.0)
      memoizable (~> 0.4.0)
      multipart-post (~> 2.0)
      naught (~> 1.0)
      simple_oauth (~> 0.3.0)
    tzinfo (1.2.9)
      thread_safe (~> 0.1)
    unf (0.1.4)
      unf_ext
    unf_ext (0.0.7.7)
    unicode-display_width (2.0.0)
    vcr (6.0.0)
    warden (1.2.9)
      rack (>= 2.0.9)
    web-console (4.1.0)
      actionview (>= 6.0.0)
      activemodel (>= 6.0.0)
      bindex (>= 0.4.0)
      railties (>= 6.0.0)
    webdrivers (4.6.0)
      nokogiri (~> 1.6)
      rubyzip (>= 1.3.0)
      selenium-webdriver (>= 3.0, < 4.0)
    webmock (3.13.0)
      addressable (>= 2.3.6)
      crack (>= 0.3.2)
      hashdiff (>= 0.4.0, < 2.0.0)
    webpacker (4.3.0)
      activesupport (>= 4.2)
      rack-proxy (>= 0.6.1)
      railties (>= 4.2)
    websocket-driver (0.7.5)
      websocket-extensions (>= 0.1.0)
    websocket-extensions (0.1.5)
    xpath (3.2.0)
      nokogiri (~> 1.8)
    zeitwerk (2.4.2)

PLATFORMS
  ruby

DEPENDENCIES
  bootsnap (>= 1.4.2)
  byebug
  capistrano-rails
  capybara
  capybara-screenshot
  cucumber-rails
  database_cleaner
  devise
  factory_bot_rails
  foreman
  jbuilder (~> 2.7)
  listen
  mimemagic (~> 0.3.10)
  minitest
  minitest-bisect
  minitest-rails
  minitest-sprint
  mocha
  pry-byebug
  pry-rails
  pry-rescue
  pry-stack_explorer
  puma (~> 4.1)
  rack-test
  rails (~> 6.0.3, >= 6.0.3.4)
  rspec-rails
  rubocop
  sass-rails (>= 6)
  selenium-webdriver
  spring
  spring-commands-rspec
  spring-watcher-listen
  sqlite3 (~> 1.4)
  turbolinks (~> 5)
  twitter
  tzinfo-data
  vcr
  web-console
  webdrivers
  webmock
  webpacker (~> 4.0)

RUBY VERSION
   ruby 2.7.2p137

BUNDLED WITH
   2.1.4
